PATH
  remote: ../../
  specs:
    twine (0.0.1)

GEM
  remote: http://rubygems.org/
  specs:
    callsite (0.0.5)
      bundler (~> 1.0.0)
    ffi (1.0.9)
    ffi-rzmq (0.8.0)
    optitron (0.3.3)
      callsite (~> 0.0.4)
      parameters_extra (~> 0.2.0)
    parameters_extra (0.2.0)
      ruby2ruby (~> 1.2.4)
      ruby_parser (~> 2.0)
      sexp_processor (~> 3.0.4)
    ruby2ruby (1.2.5)
      ruby_parser (~> 2.0)
      sexp_processor (~> 3.0)
    ruby_parser (2.0.6)
      sexp_processor (~> 3.0)
    sexp_processor (3.0.5)

PLATFORMS
  ruby

DEPENDENCIES
  ffi
  ffi-rzmq
  optitron
  twine!
